PATH
  remote: .
  specs:
    nwcopy (0.0.8)
      gist
      json
      multipart-post

GEM
  remote: http://rubygems.org/
  specs:
    gist (2.0.0)
    json (1.5.1)
    multipart-post (1.1.0)

PLATFORMS
  ruby

DEPENDENCIES
  nwcopy!
