PATH
  remote: .
  specs:
    nwcopy (0.0.7)
      gist
      json
      multipart-post

GEM
  remote: http://rubygems.org/
  specs:
    gist (2.0.0)
    json (1.4.6)
    multipart-post (1.1.0)

PLATFORMS
  ruby

DEPENDENCIES
  gist
  json
  multipart-post
  nwcopy!
