PATH
  remote: .
  specs:
    nwcopy (0.0.4)
      sinatra

GEM
  remote: http://rubygems.org/
  specs:
    rack (1.2.1)
    sinatra (1.1.2)
      rack (~> 1.1)
      tilt (~> 1.2)
    tilt (1.2.2)

PLATFORMS
  ruby

DEPENDENCIES
  nwcopy!
  sinatra
